GEM
  remote: https://rubygems.org/
  specs:
    fakeweb (1.3.0)
    mini_portile2 (2.1.0)
    minitest (5.8.4)
    nokogiri (1.6.8.1)
      mini_portile2 (~> 2.1.0)
    open_uri_redirections (0.2.1)

PLATFORMS
  ruby

DEPENDENCIES
  fakeweb
  minitest
  nokogiri
  open_uri_redirections

BUNDLED WITH
   1.11.2
